GEM
  remote: http://rubygems.org/
  specs:
    blockenspiel (0.4.1)
    builder (3.0.0)
    faker (0.9.5)
      i18n (~> 0.4)
    i18n (0.5.0)
    json (1.5.1)
    plist (3.1.0)
    rack (1.2.1)
    rake (0.8.7)
    sequel (3.20.0)
    sinatra (1.1.2)
      rack (~> 1.1)
      tilt (~> 1.2)
    sqlite3 (1.3.3)
    tilt (1.2.2)
    versionomy (0.4.0)
      blockenspiel (>= 0.3.1)

PLATFORMS
  ruby

DEPENDENCIES
  builder
  faker
  json
  plist
  rake
  sequel
  sinatra
  sqlite3
  versionomy
